PATH
  remote: .
  specs:
    parallel_tests (2.32.1.pre.beta1)
      parallel

GEM
  remote: https://rubygems.org/
  specs:
    backports (3.24.1)
    builder (3.2.4)
    bump (0.8.0)
    colorize (0.8.1)
    cucumber (3.2.0)
      builder (>= 2.1.2)
      cucumber-core (~> 3.2.0)
      cucumber-expressions (~> 6.0.1)
      cucumber-wire (~> 0.0.1)
      diff-lcs (~> 1.3)
      gherkin (~> 5.1.0)
      multi_json (>= 1.7.5, < 2.0)
      multi_test (>= 0.1.2)
    cucumber-core (3.2.1)
      backports (>= 3.8.0)
      cucumber-tag_expressions (~> 1.1.0)
      gherkin (~> 5.0)
    cucumber-expressions (6.0.1)
    cucumber-tag_expressions (1.1.1)
    cucumber-wire (0.0.1)
    diff-lcs (1.5.0)
    gherkin (5.1.0)
    gherkin-ruby (0.3.2)
    json (2.5.1)
    minitest (5.5.1)
    multi_json (1.15.0)
    multi_test (1.1.0)
    parallel (1.19.2)
    power_assert (2.0.3)
    rake (13.0.6)
    rspec (3.12.0)
      rspec-core (~> 3.12.0)
      rspec-expectations (~> 3.12.0)
      rspec-mocks (~> 3.12.0)
    rspec-core (3.12.2)
      rspec-support (~> 3.12.0)
    rspec-expectations (3.12.3)
      diff-lcs (>= 1.2.0, < 2.0)
      rspec-support (~> 3.12.0)
    rspec-mocks (3.12.6)
      diff-lcs (>= 1.2.0, < 2.0)
      rspec-support (~> 3.12.0)
    rspec-support (3.12.1)
    spinach (0.10.1)
      colorize
      gherkin-ruby (>= 0.3.2)
      json
    test-unit (3.6.1)
      power_assert

PLATFORMS
  ruby

DEPENDENCIES
  bump
  cucumber (~> 3.0)
  minitest (~> 5.5.0)
  parallel_tests!
  rake
  rspec (~> 3.3)
  spinach
  test-unit

BUNDLED WITH
   1.16.1
